GEM
  remote: https://rubygems.org/
  specs:
    rexml (3.2.6)
    rubyzip (2.3.2)
    selenium-webdriver (4.11.0)
      rexml (~> 3.2, >= 3.2.5)
      rubyzip (>= 1.2.2, < 3.0)
      websocket (~> 1.0)
    websocket (1.2.9)

PLATFORMS
  x64-mingw-ucrt

DEPENDENCIES
  selenium-webdriver

BUNDLED WITH
   2.4.19
